GEM
  remote: https://rubygems.org/
  specs:
    ast (2.3.0)
    bitclust-core (0.9.0)
      progressbar
      rack
    coderay (1.1.1)
    method_source (0.8.2)
    parser (2.3.1.2)
      ast (~> 2.2)
    powerpack (0.1.1)
    progressbar (0.21.0)
    pry (0.10.4)
      coderay (~> 1.1.0)
      method_source (~> 0.8.1)
      slop (~> 3.4)
    rack (2.0.1)
    rainbow (2.1.0)
    refe2 (0.9.0)
      bitclust-core (= 0.9.0)
    rubocop (0.41.2)
      parser (>= 2.3.1.1, < 3.0)
      powerpack (~> 0.1)
      rainbow (>= 1.99.1, < 3.0)
      ruby-progressbar (~> 1.7)
      unicode-display_width (~> 1.0, >= 1.0.1)
    ruby-progressbar (1.8.1)
    slop (3.6.0)
    unicode-display_width (1.1.0)

PLATFORMS
  ruby

DEPENDENCIES
  pry
  refe2
  rubocop

BUNDLED WITH
   1.12.5
